GEM
  remote: https://www.rubygems.org/
  specs:
    haml (4.0.7)
      tilt
    pg (0.20.0)
    rack (1.6.5)
    rack-protection (1.5.3)
      rack
    rake (10.4.2)
    sinatra (1.4.8)
      rack (~> 1.5)
      rack-protection (~> 1.4)
      tilt (>= 1.3, < 3)
    sqlite3 (1.3.13)
    tilt (2.0.7)

PLATFORMS
  ruby

DEPENDENCIES
  haml
  pg
  rake
  sinatra (~> 1.4, >= 1.4.7)
  sqlite3

BUNDLED WITH
   1.13.5
